GEM
  remote: https://rubygems.org/
  specs:
    bitters (0.10.1)
      bourbon (>= 3.2)
      sass (>= 3.2)
      thor
    bourbon (4.1.1)
      sass (~> 3.3)
      thor
    neat (1.7.1)
      bourbon (>= 4.0)
      sass (>= 3.3)
    psych (2.0.0)
    rainbow (2.0.0)
    sass (3.4.9)
    scss-lint (0.34.0)
      rainbow (~> 2.0)
      sass (~> 3.4.1)
    thor (0.19.1)

PLATFORMS
  ruby

DEPENDENCIES
  bitters
  bourbon
  neat
  psych (= 2.0.0)
  scss-lint
